GEM
  remote: https://rubygems.org/
  specs:
    byebug (10.0.0)
    mini_portile2 (2.3.0)
    nokogiri (1.8.2)
      mini_portile2 (~> 2.3.0)
    rubyXL (3.3.29)
      nokogiri (>= 1.4.4)
      rubyzip (>= 1.1.6)
    rubyzip (1.2.1)

PLATFORMS
  ruby
  x86_64-darwin-16

DEPENDENCIES
  byebug
  rubyXL

BUNDLED WITH
   1.16.1
